STORAGE: NONE
RESTRICTION: == net6.0
NUGET
  remote: https://api.nuget.org/v3/index.json
    FParsec (1.1.1)
      FSharp.Core (>= 4.3.4)
    FSharp.Core (7.0)
    FsRegEx (0.7.2)
    FsToolkit.ErrorHandling (4.0)
      FSharp.Core (>= 7.0)
