STORAGE: NONE
RESTRICTION: == net50
NUGET
  remote: https://api.nuget.org/v3/index.json
    FParsec (1.1.1)
      FSharp.Core (>= 4.3.4)
    FSharp.Core (6.0)
    FsRegEx (0.7.2)
    FsToolkit.ErrorHandling (2.7.1)
      FSharp.Core (>= 4.6.2)
