STORAGE: NONE
RESTRICTION: == net8.0
NUGET
  remote: https://api.nuget.org/v3/index.json
    FParsec (1.1.1)
      FSharp.Core (>= 4.3.4)
    FSharp.Core (8.0.100)
    FsRegEx (0.7.2)
    FsToolkit.ErrorHandling (4.12)
      FSharp.Core (>= 7.0.300)
